GIT
  remote: git://github.com/solnic/virtus.git
  revision: 7ad62e27eb1b39831ba0da8abd76514ba1acbed4
  specs:
    virtus (1.0.1)
      axiom-types (~> 0.0.5)
      coercible (~> 1.0)
      descendants_tracker (~> 0.0.1)
      equalizer (~> 0.0.7)

PATH
  remote: .
  specs:
    fhir (0.0.1)

GEM
  remote: https://rubygems.org/
  specs:
    activemodel (3.2.16)
      activesupport (= 3.2.16)
      builder (~> 3.0.0)
    activesupport (3.2.16)
      i18n (~> 0.6, >= 0.6.4)
      multi_json (~> 1.0)
    axiom-types (0.0.5)
      descendants_tracker (~> 0.0.1)
      ice_nine (~> 0.9)
    builder (3.0.4)
    coercible (1.0.0)
      descendants_tracker (~> 0.0.1)
    descendants_tracker (0.0.3)
    diff-lcs (1.2.4)
    equalizer (0.0.8)
    i18n (0.6.9)
    ice_nine (0.11.0)
    multi_json (1.8.2)
    nokogiri (1.5.9)
    rake (10.1.0)
    rspec (2.14.1)
      rspec-core (~> 2.14.0)
      rspec-expectations (~> 2.14.0)
      rspec-mocks (~> 2.14.0)
    rspec-core (2.14.5)
    rspec-expectations (2.14.2)
      diff-lcs (>= 1.1.3, < 2.0)
    rspec-mocks (2.14.3)

PLATFORMS
  ruby

DEPENDENCIES
  activemodel (= 3.2.16)
  activesupport (~> 3.2.0)
  bundler (~> 1.3)
  fhir!
  i18n
  nokogiri
  rake
  rspec
  virtus!
